GIT
  remote: https://github.com/razboev/RubyTree
  revision: 5e678b308cde5df020ceb39f25ce04e55ffd3344
  specs:
    rubytree (0.9.7)
      json (>= 1.8, < 3.0)

GIT
  remote: https://github.com/reportportal/agent-ruby.git
  revision: 4e39f69faf6cf36d1423d1d2decd9a9213c51fcb
  specs:
    reportportal (0.7)
      rest-client (~> 2.0)
      rubytree (>= 0.9.3)

GEM
  remote: http://rubygems.org/
  specs:
    backports (3.11.4)
    builder (3.2.3)
    coderay (1.1.2)
    cucumber (3.1.2)
      builder (>= 2.1.2)
      cucumber-core (~> 3.2.0)
      cucumber-expressions (~> 6.0.1)
      cucumber-wire (~> 0.0.1)
      diff-lcs (~> 1.3)
      gherkin (~> 5.1.0)
      multi_json (>= 1.7.5, < 2.0)
      multi_test (>= 0.1.2)
    cucumber-core (3.2.1)
      backports (>= 3.8.0)
      cucumber-tag_expressions (~> 1.1.0)
      gherkin (~> 5.0)
    cucumber-expressions (6.0.1)
    cucumber-tag_expressions (1.1.1)
    cucumber-wire (0.0.1)
    diff-lcs (1.3)
    domain_name (0.5.20180417)
      unf (>= 0.0.5, < 1.0.0)
    ffi (1.9.25-x64-mingw32)
    gherkin (5.1.0)
    http-cookie (1.0.3)
      domain_name (~> 0.5)
    json (2.1.0)
    method_source (0.9.2)
    mime-types (3.1)
      mime-types-data (~> 3.2015)
    mime-types-data (3.2016.0521)
    mini_portile2 (2.3.0)
    multi_json (1.13.1)
    multi_test (0.1.2)
    netrc (0.11.0)
    nokogiri (1.8.4)
      mini_portile2 (~> 2.3.0)
    nokogiri (1.8.4-x64-mingw32)
      mini_portile2 (~> 2.3.0)
    pry (0.11.3)
      coderay (~> 1.1.0)
      method_source (~> 0.9.0)
    report_builder (1.6)
      json (>= 1.8.1)
    rest-client (2.0.2)
      http-cookie (>= 1.0.2, < 2.0)
      mime-types (>= 1.16, < 4.0)
      netrc (~> 0.8)
    rest-client (2.0.2-x64-mingw32)
      ffi (~> 1.9)
      http-cookie (>= 1.0.2, < 2.0)
      mime-types (>= 1.16, < 4.0)
      netrc (~> 0.8)
    rspec (3.6.0)
      rspec-core (~> 3.6.0)
      rspec-expectations (~> 3.6.0)
      rspec-mocks (~> 3.6.0)
    rspec-core (3.6.0)
      rspec-support (~> 3.6.0)
    rspec-expectations (3.6.0)
      diff-lcs (>= 1.2.0, < 2.0)
      rspec-support (~> 3.6.0)
    rspec-mocks (3.6.0)
      diff-lcs (>= 1.2.0, < 2.0)
      rspec-support (~> 3.6.0)
    rspec-support (3.6.0)
    unf (0.1.4)
      unf_ext
    unf_ext (0.0.7.5)
    unf_ext (0.0.7.5-x64-mingw32)

PLATFORMS
  ruby
  x64-mingw32

DEPENDENCIES
  cucumber (= 3.1.2)
  json
  nokogiri
  pry (= 0.11.3)
  report_builder
  reportportal!
  rest-client
  rspec (= 3.6.0)
  rubytree!

BUNDLED WITH
   1.17.3
